GEM
  remote: http://rubygems.org/
  specs:
    closure-compiler (0.3.2)

PLATFORMS
  ruby

DEPENDENCIES
  closure-compiler
